STORAGE: NONE
NUGET
  remote: https://api.nuget.org/v3/index.json
    Microsoft.Web.WebView2 (1.0.3065.39)
    Microsoft.Windows.SDK.BuildTools (10.0.26100.1742)
    Microsoft.WindowsAppSDK (1.6.250205002)
      Microsoft.Web.WebView2 (>= 1.0.2651.64)
      Microsoft.Windows.SDK.BuildTools (>= 10.0.22621.756)
